PATH
  remote: .
  specs:
    pug-ruby (2.0.0.rc2)
      execjs (~> 2.0)
      memoist (~> 0.15)
      method-not-implemented (~> 1.0, >= 1.0.1)
      regexp-match-polyfill (~> 1.0, >= 1.0.2)

GEM
  remote: https://rubygems.org/
  specs:
    execjs (2.7.0)
    memoist (0.16.0)
    method-not-implemented (1.0.1)
    power_assert (1.0.2)
    rake (10.5.0)
    regexp-match-polyfill (1.0.2)
    test-unit (3.2.5)
      power_assert

PLATFORMS
  ruby

DEPENDENCIES
  bundler (~> 1.7)
  pug-ruby!
  rake (~> 10.0)
  test-unit (~> 3.1)

BUNDLED WITH
   1.15.3
