PATH
  remote: .
  specs:
    pug-ruby (2.0.0.rc3)
      execjs (~> 2.0)
      memoist (~> 0.15)
      method-not-implemented (~> 1.0, >= 1.0.1)
      regexp-match-polyfill (~> 1.0, >= 1.0.2)

GEM
  remote: https://rubygems.org/
  specs:
    ast (2.3.0)
    execjs (2.7.0)
    memoist (0.16.0)
    method-not-implemented (1.0.1)
    parallel (1.12.0)
    parser (2.4.0.0)
      ast (~> 2.2)
    power_assert (1.1.1)
    powerpack (0.1.1)
    rainbow (2.2.2)
      rake
    rake (10.5.0)
    regexp-match-polyfill (1.0.2)
    rubocop (0.51.0)
      parallel (~> 1.10)
      parser (>= 2.3.3.1, < 3.0)
      powerpack (~> 0.1)
      rainbow (>= 2.2.2, < 3.0)
      ruby-progressbar (~> 1.7)
      unicode-display_width (~> 1.0, >= 1.0.1)
    ruby-progressbar (1.9.0)
    test-unit (3.2.6)
      power_assert
    unicode-display_width (1.3.0)
    yard (0.9.9)

PLATFORMS
  ruby

DEPENDENCIES
  bundler (~> 1.7)
  pug-ruby!
  rake (~> 10.0)
  rubocop (~> 0.51)
  test-unit (~> 3.1)
  yard (~> 0.9)

BUNDLED WITH
   1.16.0
